PATH
  remote: .
  specs:
    georuby (1.9.8)

GEM
  remote: http://rubygems.org/
  specs:
    dbf (2.0.0)
      fastercsv (~> 1.5.4)
    diff-lcs (1.1.3)
    fastercsv (1.5.5)
    json (1.7.5)
    nokogiri (1.5.5)
    rspec (2.11.0)
      rspec-core (~> 2.11.0)
      rspec-expectations (~> 2.11.0)
      rspec-mocks (~> 2.11.0)
    rspec-core (2.11.1)
    rspec-expectations (2.11.3)
      diff-lcs (~> 1.1.3)
    rspec-mocks (2.11.2)

PLATFORMS
  ruby

DEPENDENCIES
  dbf (>= 1.7.0)
  georuby!
  json (>= 1.6.5)
  nokogiri (~> 1.5.5)
  rspec (>= 2.3.0)
